GEM
  remote: https://rubygems.org/
  specs:
    eventmachine (1.2.0.1)
    minitest (5.9.0)

PLATFORMS
  ruby

DEPENDENCIES
  eventmachine
  minitest

BUNDLED WITH
   1.12.5
